PATH
  remote: .
  specs:
    super_test_engine (0.1.1)

GEM
  remote: https://rubygems.org/
  specs:
    minitest (5.14.4)
    rake (13.0.3)

PLATFORMS
  ruby

DEPENDENCIES
  minitest (~> 5.0)
  rake
  super_test_engine!

BUNDLED WITH
   1.17.3
